PATH
  remote: .
  specs:
    ontologies_api_client (0.0.6)
      activesupport (~> 4.2.1)
      excon
      faraday
      lz4-ruby
      multi_json
      oj
      spawnling

GEM
  remote: https://rubygems.org/
  specs:
    activesupport (4.2.10)
      i18n (~> 0.7)
      minitest (~> 5.1)
      thread_safe (~> 0.3, >= 0.3.4)
      tzinfo (~> 1.1)
    coderay (1.1.2)
    concurrent-ruby (1.0.5)
    excon (0.59.0)
    faraday (0.13.1)
      multipart-post (>= 1.2, < 3)
    i18n (0.9.0)
      concurrent-ruby (~> 1.0)
    lz4-ruby (0.3.3)
    method_source (0.9.0)
    minitest (5.10.3)
    multi_json (1.12.2)
    multipart-post (2.0.0)
    oj (3.3.9)
    pry (0.11.2)
      coderay (~> 1.1.0)
      method_source (~> 0.9.0)
    rake (12.2.1)
    spawnling (2.1.6)
    thread_safe (0.3.6)
    tzinfo (1.2.10)
      thread_safe (~> 0.1)

PLATFORMS
  ruby
  x86_64-darwin-16

DEPENDENCIES
  ontologies_api_client!
  pry
  rake

BUNDLED WITH
   1.15.4
